{
	"Modality": "MR",
	"MagneticFieldStrength": 3,
	"ImagingFrequency": 123.262,
	"Manufacturer": "Siemens",
	"ManufacturersModelName": "Skyra",
	"InstitutionName": "ST. MICHAEL'S HOSPITAL",
	"InstitutionalDepartmentName": "Department",
	"InstitutionAddress": "Bond St 30,Toronto,Ontario,CA,M5B 1W8",
	"DeviceSerialNumber": "45446",
	"StationName": "AWP45446",
	"BodyPartExamined": "BRAIN",
	"PatientPosition": "HFS",
	"ProcedureStepDescription": "RESEARCH^NEURO",
	"SoftwareVersions": "syngo MR D13",
	"MRAcquisitionType": "2D",
	"SeriesDescription": "ASL_2D_tra",
	"ProtocolName": "ASL_2D_tra",
	"ScanningSequence": "EP",
	"SequenceVariant": "SK",
	"ScanOptions": "PFP\\SAT1\\FS",
	"SequenceName": "*epfid2d1_64",
	"ImageType": ["ORIGINAL", "PRIMARY", "ASL", "NONE", "ND", "NORM", "MOSAIC"],
	"SeriesNumber": 25,
	"AcquisitionTime": "13:03:23.790000",
	"AcquisitionNumber": 1,
	"SliceThickness": 8,
	"SpacingBetweenSlices": 10,
	"SAR": 0.211353,
	"EchoTime": 0.012,
	"RepetitionTime": 2.5,
	"FlipAngle": 90,
	"BolusDuration": 0.7,
	"InversionTime": 1.8,
	"ArterialSpinLabelingType": "PASL",
	"PartialFourier": 0.75,
	"BaseResolution": 64,
	"ShimSetting": [
		745,
		-15144,
		-15655,
		408,
		-315,
		243,
		203,
		-12	],
	"TxRefAmp": 378.6,
	"PhaseResolution": 1,
	"ReceiveCoilName": "HeadNeck_20",
	"ReceiveCoilActiveElements": "HE1-4",
	"PulseSequenceDetails": "%SiemensSeq%\\ep2d_pasl",
	"CoilCombinationMethod": "Sum of Squares",
	"ConsistencyInfo": "N4_VD13A_LATEST_20120616",
	"MatrixCoilMode": "SENSE",
	"PercentPhaseFOV": 100,
	"PercentSampling": 100,
	"EchoTrainLength": 48,
	"PhaseEncodingSteps": 48,
	"AcquisitionMatrixPE": 64,
	"ReconMatrixPE": 64,
	"BandwidthPerPixelPhaseEncode": 31.25,
	"EffectiveEchoSpacing": 0.0005,
	"DerivedVendorReportedEchoSpacing": 0.0005,
	"TotalReadoutTime": 0.0315,
	"PixelBandwidth": 2365,
	"DwellTime": 3.3e-06,
	"PhaseEncodingDirection": "j-",
	"SliceTiming": [
		0,
		0.0425,
		0.0875,
		0.13,
		0.1725,
		0.215,
		0.2575,
		0.3,
		0.3425,
		0.385,
		0.4275,
		0.47,
		0.5125,
		0.555	],
	"ImageOrientationPatientDICOM": [
		0.99973,
		0.0184133,
		-0.0141954,
		-0.0197196,
		0.994975,
		-0.0981663	],
	"ImageOrientationText": "Tra>Cor(-5.6)>Sag(-0.7)",
	"InPlanePhaseEncodingDirectionDICOM": "COL",
	"ConversionSoftware": "dcm2niix",
	"ConversionSoftwareVersion": "v1.0.20211006"
}
